PATH
  remote: .
  specs:
    adb_mqtt_bridge (1.0.0)
      dnssd (~> 3.0)
      homie-mqtt (~> 1.3)
      slop (~> 4.8)

GEM
  remote: https://rubygems.org/
  specs:
    byebug (9.1.0)
    dnssd (3.0.1)
    homie-mqtt (1.3.0)
      mqtt-ccutrer (~> 1.0)
    mqtt-ccutrer (1.0.0)
    rake (13.0.1)
    slop (4.8.2)

PLATFORMS
  ruby

DEPENDENCIES
  adb_mqtt_bridge!
  byebug (~> 9.0)
  rake (~> 13.0)

BUNDLED WITH
   2.1.4
