PATH
  remote: .
  specs:
    adb_mqtt_bridge (1.0.0)
      mqtt (~> 0.5.0)

GEM
  remote: https://rubygems.org/
  specs:
    byebug (9.1.0)
    mqtt (0.5.0)
    rake (13.0.1)

PLATFORMS
  ruby

DEPENDENCIES
  adb_mqtt_bridge!
  byebug (~> 9.0)
  rake (~> 13.0)

BUNDLED WITH
   2.1.4
